GIT
  remote: git://github.com/okor/toto.git
  revision: 7af9a057ad422c591ff2b70fbd425d50dffb0ebc
  specs:
    toto (0.4.9)
      builder
      rack
      rdiscount

GEM
  remote: https://rubygems.org/
  specs:
    builder (3.1.3)
    capistrano (2.15.5)
      highline
      net-scp (>= 1.0.0)
      net-sftp (>= 2.0.0)
      net-ssh (>= 2.0.14)
      net-ssh-gateway (>= 1.1.0)
    haml (3.1.7)
    highline (1.6.21)
    kgio (2.7.4)
    net-scp (1.2.1)
      net-ssh (>= 2.6.5)
    net-sftp (2.1.2)
      net-ssh (>= 2.6.5)
    net-ssh (2.9.1)
    net-ssh-gateway (1.2.0)
      net-ssh (>= 2.6.5)
    rack (1.4.1)
    railsless-deploy (1.0.2)
    raindrops (0.10.0)
    rdiscount (1.6.8)
    unicorn (4.3.1)
      kgio (~> 2.6)
      rack
      raindrops (~> 0.7)

PLATFORMS
  ruby

DEPENDENCIES
  bundler
  capistrano (= 2.15.5)
  haml
  railsless-deploy
  toto!
  unicorn
